PATH
  remote: .
  specs:
    salesforcebulk (4.0.2)
      xml-simple

GEM
  remote: http://rubygems.org/
  specs:
    addressable (2.7.0)
      public_suffix (>= 2.0.2, < 5.0)
    ansi (1.5.0)
    builder (3.2.4)
    crack (0.4.5)
      rexml
    hashdiff (1.0.1)
    minitest (5.14.4)
    minitest-reporters (1.4.3)
      ansi
      builder
      minitest (>= 5.0)
      ruby-progressbar
    mocha (1.12.0)
    public_suffix (4.0.6)
    rake (13.0.3)
    rexml (3.2.4)
    ruby-progressbar (1.11.0)
    webmock (3.12.0)
      addressable (>= 2.3.6)
      crack (>= 0.3.2)
      hashdiff (>= 0.4.0, < 2.0.0)
    xml-simple (1.1.9)
      rexml

PLATFORMS
  ruby

DEPENDENCIES
  minitest
  minitest-reporters
  mocha
  rake
  salesforcebulk!
  webmock

BUNDLED WITH
   2.2.13
